BrainVision Data Exchange Header File Version 1.0
; Data created by the BrainVision Recorder

[Common Infos]
Codepage=UTF-8
DataFile=PEP_WP4_EEG140.eeg
MarkerFile=PEP_WP4_EEG140.vmrk
DataFormat=BINARY
; Data orientation: MULTIPLEXED=ch1,pt1, ch2,pt1 ...
DataOrientation=MULTIPLEXED
NumberOfChannels=63
; Sampling interval in microseconds
SamplingInterval=1000

[Binary Infos]
BinaryFormat=IEEE_FLOAT_32

[Channel Infos]
; Each entry: Ch<Channel number>=<Name>,<Reference channel name>,
; <Resolution in "Unit">,<Unit>, Future extensions..
; Fields are delimited by commas, some fields might be omitted (empty).
; Commas in channel names are coded as "\1".
Ch1=Fp1,,0.0488281,µV
Ch2=F3,,0.0488281,µV
Ch3=F7,,0.0488281,µV
Ch4=FT9,,0.0488281,µV
Ch5=FC5,,0.0488281,µV
Ch6=FC1,,0.0488281,µV
Ch7=C3,,0.0488281,µV
Ch8=T7,,0.0488281,µV
Ch9=TP9,,0.0488281,µV
Ch10=CP5,,0.0488281,µV
Ch11=CP1,,0.0488281,µV
Ch12=Pz,,0.0488281,µV
Ch13=P3,,0.0488281,µV
Ch14=P7,,0.0488281,µV
Ch15=O1,,0.0488281,µV
Ch16=Oz,,0.0488281,µV
Ch17=O2,,0.0488281,µV
Ch18=P4,,0.0488281,µV
Ch19=P8,,0.0488281,µV
Ch20=TP10,,0.0488281,µV
Ch21=CP6,,0.0488281,µV
Ch22=CP2,,0.0488281,µV
Ch23=Cz,,0.0488281,µV
Ch24=C4,,0.0488281,µV
Ch25=T8,,0.0488281,µV
Ch26=FT10,,0.0488281,µV
Ch27=FC6,,0.0488281,µV
Ch28=FC2,,0.0488281,µV
Ch29=F4,,0.0488281,µV
Ch30=F8,,0.0488281,µV
Ch31=Fp2,,0.0488281,µV
Ch32=AF7,,0.0488281,µV
Ch33=AF3,,0.0488281,µV
Ch34=AFz,,0.0488281,µV
Ch35=F1,,0.0488281,µV
Ch36=F5,,0.0488281,µV
Ch37=FT7,,0.0488281,µV
Ch38=FC3,,0.0488281,µV
Ch39=C1,,0.0488281,µV
Ch40=C5,,0.0488281,µV
Ch41=TP7,,0.0488281,µV
Ch42=CP3,,0.0488281,µV
Ch43=P1,,0.0488281,µV
Ch44=P5,,0.0488281,µV
Ch45=PO7,,0.0488281,µV
Ch46=PO3,,0.0488281,µV
Ch47=POz,,0.0488281,µV
Ch48=PO4,,0.0488281,µV
Ch49=PO8,,0.0488281,µV
Ch50=P6,,0.0488281,µV
Ch51=P2,,0.0488281,µV
Ch52=CPz,,0.0488281,µV
Ch53=CP4,,0.0488281,µV
Ch54=TP8,,0.0488281,µV
Ch55=C6,,0.0488281,µV
Ch56=C2,,0.0488281,µV
Ch57=FC4,,0.0488281,µV
Ch58=FT8,,0.0488281,µV
Ch59=F6,,0.0488281,µV
Ch60=AF8,,0.0488281,µV
Ch61=AF4,,0.0488281,µV
Ch62=F2,,0.0488281,µV
Ch63=FCz,,0.0488281,µV

[Comment]

BrainVision Recorder Professional   -   V. 1.24.0001


A m p l i f i e r  S e t u p
============================
Number of channels: 63
Sampling Rate [Hz]: 1000
Sampling Interval [µS]: 1000

Channels
--------
#     Name      Phys. Chn.    Resolution / Unit   Low Cutoff [s]   High Cutoff [Hz]   Notch [Hz]    Gradient         Offset
1     Fp1         1          0.0488281 µV             DC              280              Off
2     F3          3          0.0488281 µV             DC              280              Off
3     F7          4          0.0488281 µV             DC              280              Off
4     FT9         5          0.0488281 µV             DC              280              Off
5     FC5         6          0.0488281 µV             DC              280              Off
6     FC1         7          0.0488281 µV             DC              280              Off
7     C3          8          0.0488281 µV             DC              280              Off
8     T7          9          0.0488281 µV             DC              280              Off
9     TP9         10         0.0488281 µV             DC              280              Off
10    CP5         11         0.0488281 µV             DC              280              Off
11    CP1         12         0.0488281 µV             DC              280              Off
12    Pz          13         0.0488281 µV             DC              280              Off
13    P3          14         0.0488281 µV             DC              280              Off
14    P7          15         0.0488281 µV             DC              280              Off
15    O1          16         0.0488281 µV             DC              280              Off
16    Oz          17         0.0488281 µV             DC              280              Off
17    O2          18         0.0488281 µV             DC              280              Off
18    P4          19         0.0488281 µV             DC              280              Off
19    P8          20         0.0488281 µV             DC              280              Off
20    TP10        21         0.0488281 µV             DC              280              Off
21    CP6         22         0.0488281 µV             DC              280              Off
22    CP2         23         0.0488281 µV             DC              280              Off
23    Cz          24         0.0488281 µV             DC              280              Off
24    C4          25         0.0488281 µV             DC              280              Off
25    T8          26         0.0488281 µV             DC              280              Off
26    FT10        27         0.0488281 µV             DC              280              Off
27    FC6         28         0.0488281 µV             DC              280              Off
28    FC2         29         0.0488281 µV             DC              280              Off
29    F4          30         0.0488281 µV             DC              280              Off
30    F8          31         0.0488281 µV             DC              280              Off
31    Fp2         32         0.0488281 µV             DC              280              Off
32    AF7         33         0.0488281 µV             DC              280              Off
33    AF3         34         0.0488281 µV             DC              280              Off
34    AFz         35         0.0488281 µV             DC              280              Off
35    F1          36         0.0488281 µV             DC              280              Off
36    F5          37         0.0488281 µV             DC              280              Off
37    FT7         38         0.0488281 µV             DC              280              Off
38    FC3         39         0.0488281 µV             DC              280              Off
39    C1          40         0.0488281 µV             DC              280              Off
40    C5          41         0.0488281 µV             DC              280              Off
41    TP7         42         0.0488281 µV             DC              280              Off
42    CP3         43         0.0488281 µV             DC              280              Off
43    P1          44         0.0488281 µV             DC              280              Off
44    P5          45         0.0488281 µV             DC              280              Off
45    PO7         46         0.0488281 µV             DC              280              Off
46    PO3         47         0.0488281 µV             DC              280              Off
47    POz         48         0.0488281 µV             DC              280              Off
48    PO4         49         0.0488281 µV             DC              280              Off
49    PO8         50         0.0488281 µV             DC              280              Off
50    P6          51         0.0488281 µV             DC              280              Off
51    P2          52         0.0488281 µV             DC              280              Off
52    CPz         53         0.0488281 µV             DC              280              Off
53    CP4         54         0.0488281 µV             DC              280              Off
54    TP8         55         0.0488281 µV             DC              280              Off
55    C6          56         0.0488281 µV             DC              280              Off
56    C2          57         0.0488281 µV             DC              280              Off
57    FC4         58         0.0488281 µV             DC              280              Off
58    FT8         59         0.0488281 µV             DC              280              Off
59    F6          60         0.0488281 µV             DC              280              Off
60    AF8         61         0.0488281 µV             DC              280              Off
61    AF4         62         0.0488281 µV             DC              280              Off
62    F2          63         0.0488281 µV             DC              280              Off
63    FCz         64         0.0488281 µV             DC              280              Off

Reference Channel Name = Fz
Reference Phys. Chn.   = 2
Use active/dry Electrodes = Yes 
Good Level [kOhms]     = 10
Bad Level [kOhms]      = 50
MY-Button Workspace    = C:\Vision\Workfiles\MYButton

Amplifier 
actiCHamp Base Unit (5002) 
  --- S/N 21040544 --- 
actiCHamp 32 CH Module
  --- Module 1 (5011): S/N 21041128 ---
  --- Module 2 (5011): S/N 21041129 ---
Version: DLL_27.18.06.25, DRV_03.04.01.146, CTRL_104.18.06.25, FPGA_67.00.00.00, DSP_105.19.02.27 


S o f t w a r e  F i l t e r s
==============================
Disabled


Data/Gnd Electrodes Selected Impedance Measurement Range: 10 - 50 kOhm
Impedance [kOhm] at 14:52:35 :
Fp1:         20
Fz:           9
F3:          13
F7:           6
FT9:         11
FC5:          7
FC1:         28
C3:          11
T7:           8
TP9:         18
CP5:         11
CP1:         10
Pz:          20
P3:          11
P7:           9
O1:           9
Oz:           1
O2:          12
P4:          15
P8:           1
TP10:        12
CP6:         11
CP2:          6
Cz:          15
C4:          12
T8:           4
FT10:        24
FC6:         16
FC2:         13
F4:          33
F8:          20
Fp2:          4
AF7:          4
AF3:          3
AFz:         29
F1:          18
F5:           6
FT7:         16
FC3:         26
C1:           8
C5:          20
TP7:         12
CP3:         11
P1:          16
P5:           8
PO7:          9
PO3:         13
POz:         12
PO4:          9
PO8:         10
P6:          10
P2:           9
CPz:         15
CP4:         13
TP8:          7
C6:          14
C2:          12
FC4:         17
FT8:         17
F6:          15
AF8:         13
AF4:         32
F2:          17
FCz:          5
Gnd:          8
